GEM
  remote: https://rubygems.org/
  specs:
    coderay (1.1.2)
    crass (1.0.4)
    method_source (0.9.1)
    mini_portile (0.6.2)
    nokogiri (1.6.6.2)
      mini_portile (~> 0.6.0)
    nokogumbo (1.5.0)
      nokogiri
    pry (0.12.0)
      coderay (~> 1.1.0)
      method_source (~> 0.9.0)
    rake (12.3.1)
    require_all (2.0.0)
    sanitize (4.6.6)
      crass (~> 1.0.2)
      nokogiri (>= 1.4.4)
      nokogumbo (~> 1.4)

PLATFORMS
  ruby

DEPENDENCIES
  nokogiri (= 1.6.6.2)
  pry
  rake
  require_all
  sanitize

BUNDLED WITH
   1.17.1
